PATH
  remote: .
  specs:
    auth_engine (0.0.1)
      auth_engine
      orm_adapter

GEM
  remote: http://rubygems.org/
  specs:
    orm_adapter (0.0.5)

PLATFORMS
  ruby

DEPENDENCIES
  auth_engine!
