PATH
  remote: .
  specs:
    authorizr (0.2.1)
      orm_adapter (~> 0.0.5)

GEM
  remote: http://rubygems.org/
  specs:
    orm_adapter (0.0.5)

PLATFORMS
  ruby

DEPENDENCIES
  authorizr!
